GIT
  remote: https://github.com/mitchellh/vagrant.git
  revision: c1c00e2f3cf69c579a5aa6922d67bb838a2de9cd
  tag: v1.8.1
  specs:
    vagrant (1.8.1)
      bundler (>= 1.5.2, <= 1.10.6)
      childprocess (~> 0.5.0)
      erubis (~> 2.7.0)
      hashicorp-checkpoint (~> 0.1.1)
      i18n (>= 0.6.0, <= 0.8.0)
      listen (~> 3.0.2)
      log4r (~> 1.1.9, < 1.1.11)
      net-scp (~> 1.1.0)
      net-sftp (~> 2.1)
      net-ssh (~> 3.0.1)
      nokogiri (= 1.6.3.1)
      rb-kqueue (~> 0.2.0)
      rest-client (>= 1.6.0, < 2.0)
      wdm (~> 0.1.0)
      winrm (~> 1.3)
      winrm-fs (~> 0.2.2)

PATH
  remote: .
  specs:
    mediawiki-vagrant (0.14.0)

GEM
  remote: https://rubygems.org/
  specs:
    CFPropertyList (2.2.8)
    ast (2.3.0)
    astrolabe (1.3.1)
      parser (~> 2.2)
    builder (3.2.2)
    byebug (9.0.5)
    childprocess (0.5.9)
      ffi (~> 1.0, >= 1.0.11)
    coderay (1.1.1)
    cucumber (2.0.2)
      builder (>= 2.1.2)
      cucumber-core (~> 1.2.0)
      diff-lcs (>= 1.1.3)
      gherkin (~> 2.12)
      multi_json (>= 1.7.5, < 2.0)
      multi_test (>= 0.1.2)
    cucumber-core (1.2.0)
      gherkin (~> 2.12.0)
    diff-lcs (1.2.5)
    domain_name (0.5.20160615)
      unf (>= 0.0.5, < 1.0.0)
    erubis (2.7.0)
    facter (2.4.6)
      CFPropertyList (~> 2.2.6)
    fakefs (0.6.7)
    ffi (1.9.12)
    gherkin (2.12.2)
      multi_json (~> 1.3)
    gssapi (1.2.0)
      ffi (>= 1.0.1)
    gyoku (1.3.1)
      builder (>= 2.1.2)
    hashicorp-checkpoint (0.1.4)
    hiera (1.3.4)
      json_pure
    http-cookie (1.0.2)
      domain_name (~> 0.5)
    httpclient (2.8.0)
    i18n (0.7.0)
    json_pure (2.0.3)
    listen (3.0.8)
      rb-fsevent (~> 0.9, >= 0.9.4)
      rb-inotify (~> 0.9, >= 0.9.7)
    little-plugger (1.1.4)
    log4r (1.1.10)
    logging (1.8.2)
      little-plugger (>= 1.1.3)
      multi_json (>= 1.8.4)
    metaclass (0.0.4)
    method_source (0.8.2)
    mime-types (2.99.2)
    mini_portile (0.6.0)
    mocha (1.2.1)
      metaclass (~> 0.0.1)
    multi_json (1.12.1)
    multi_test (0.1.2)
    net-scp (1.1.2)
      net-ssh (>= 2.6.5)
    net-sftp (2.1.2)
      net-ssh (>= 2.6.5)
    net-ssh (3.0.2)
    netrc (0.11.0)
    nokogiri (1.6.3.1)
      mini_portile (= 0.6.0)
    nori (2.6.0)
    parser (2.3.1.2)
      ast (~> 2.2)
    powerpack (0.1.1)
    pry (0.10.3)
      coderay (~> 1.1.0)
      method_source (~> 0.8.1)
      slop (~> 3.4)
    pry-byebug (3.4.0)
      byebug (~> 9.0)
      pry (~> 0.10)
    puppet (3.7.5)
      facter (> 1.6, < 3)
      hiera (~> 1.0)
      json_pure
    puppet-lint (1.1.0)
    puppet-syntax (2.3.0)
      rake
    puppetlabs_spec_helper (1.1.1)
      mocha
      puppet-lint
      puppet-syntax
      rake
      rspec-puppet
    rainbow (2.1.0)
    rake (10.4.2)
    rb-fsevent (0.9.7)
    rb-inotify (0.9.7)
      ffi (>= 0.5.0)
    rb-kqueue (0.2.4)
      ffi (>= 0.5.0)
    rest-client (1.8.0)
      http-cookie (>= 1.0.2, < 2.0)
      mime-types (>= 1.16, < 3.0)
      netrc (~> 0.7)
    rspec (3.5.0)
      rspec-core (~> 3.5.0)
      rspec-expectations (~> 3.5.0)
      rspec-mocks (~> 3.5.0)
    rspec-core (3.5.0)
      rspec-support (~> 3.5.0)
    rspec-expectations (3.5.0)
      diff-lcs (>= 1.2.0, < 2.0)
      rspec-support (~> 3.5.0)
    rspec-mocks (3.5.0)
      diff-lcs (>= 1.2.0, < 2.0)
      rspec-support (~> 3.5.0)
    rspec-puppet (2.5.0)
      rspec
    rspec-support (3.5.0)
    rubocop (0.35.1)
      astrolabe (~> 1.3)
      parser (>= 2.2.3.0, < 3.0)
      powerpack (~> 0.1)
      rainbow (>= 1.99.1, < 3.0)
      ruby-progressbar (~> 1.7)
      tins (<= 1.6.0)
    ruby-progressbar (1.8.1)
    rubyntlm (0.4.0)
    rubyzip (1.2.0)
    safe_yaml (1.0.4)
    slop (3.6.0)
    tins (1.6.0)
    unf (0.1.4)
      unf_ext
    unf_ext (0.0.7.2)
    uuidtools (2.1.5)
    wdm (0.1.1)
    winrm (1.3.6)
      builder (>= 2.1.2)
      gssapi (~> 1.2)
      gyoku (~> 1.0)
      httpclient (~> 2.2, >= 2.2.0.2)
      logging (>= 1.6.1, < 3.0)
      nori (~> 2.0)
      rubyntlm (~> 0.4.0)
      uuidtools (~> 2.1.2)
    winrm-fs (0.2.3)
      erubis (~> 2.7)
      logging (~> 1.6, >= 1.6.1)
      rubyzip (~> 1.1)
      winrm (~> 1.3.0)
    yard (0.9.0)

PLATFORMS
  ruby

DEPENDENCIES
  cucumber (~> 2.0.0.rc4)
  fakefs (~> 0.6.5)
  mediawiki-vagrant!
  pry-byebug
  puppet (~> 3.7.0)
  puppet-lint (= 1.1.0)
  puppetlabs_spec_helper (< 2.0.0)
  rake (~> 10.4.2)
  rspec (~> 3.1, >= 3.1.0)
  rubocop (~> 0.35.1)
  safe_yaml (~> 1.0.4)
  vagrant!
  yard (~> 0.8, >= 0.8.7.6)
